GEM
  remote: http://rubygems.org/
  specs:
    CFPropertyList (2.2.8)
    deep_merge (1.0.1)
    facter (2.3.0)
      CFPropertyList (~> 2.2.6)
    hiera (1.3.4)
      json_pure
    highline (1.6.21)
    json (1.8.1)
    json_pure (1.8.1)
    librarian (0.1.2)
      highline
      thor (~> 0.15)
    librarian-puppet (1.4.0)
      json
      librarian (>= 0.1.2)
      rsync
    puppet (3.7.1)
      facter (> 1.6, < 3)
      hiera (~> 1.0)
      json_pure
    puppet-lint (1.0.0)
    puppet-parse (0.1.0)
      facter
      rdoc (>= 3.12, < 4.0)
    rake (10.3.1)
    rdoc (3.12.2)
      json (~> 1.4)
    rsync (1.0.9)
    thor (0.19.1)
    vagrant-wrapper (1.2.1.1)

PLATFORMS
  ruby

DEPENDENCIES
  deep_merge (= 1.0.1)
  json_pure (= 1.8.1)
  librarian-puppet (= 1.4.0)
  puppet (= 3.7.1)
  puppet-lint (= 1.0.0)
  puppet-parse (= 0.1.0)
  rake (= 10.3.1)
  vagrant-wrapper
